GEM
  remote: https://rubygems.org/
  specs:
    mysql2 (0.5.2)

PLATFORMS
  ruby

DEPENDENCIES
  mysql2

RUBY VERSION
   ruby 2.3.7p456

BUNDLED WITH
   1.16.6
