GEM
  remote: https://rubygems.org/
  specs:
    awesome_print (1.8.0)
    colorize (0.8.1)
    mysql2 (0.5.2)

PLATFORMS
  ruby

DEPENDENCIES
  awesome_print
  colorize
  mysql2

RUBY VERSION
   ruby 2.3.7p456

BUNDLED WITH
   1.16.6
