GEM
  remote: https://rubygems.org/
  specs:
    awesome_print (1.8.0)
    bcrypt (3.1.12)
    colorize (0.8.1)
    dotenv (2.5.0)
    fast_blank (1.0.0)
    mysql2 (0.5.2)

PLATFORMS
  ruby

DEPENDENCIES
  awesome_print
  bcrypt
  colorize
  dotenv
  fast_blank
  mysql2

RUBY VERSION
   ruby 2.3.7p456

BUNDLED WITH
   1.16.6
