GEM
  remote: https://rubygems.org/
  specs:
    awesome_print (1.8.0)
    bcrypt (3.1.12)
    chunky_png (1.3.10)
    colorize (0.8.1)
    concurrent-ruby (1.0.5)
    dotenv (2.5.0)
    fast_blank (1.0.0)
    i18n (1.1.1)
      concurrent-ruby (~> 1.0)
    mysql2 (0.5.2)
    numbers_and_words (0.11.5)
      i18n

PLATFORMS
  ruby

DEPENDENCIES
  awesome_print
  bcrypt
  chunky_png
  colorize
  dotenv
  fast_blank
  mysql2
  numbers_and_words

RUBY VERSION
   ruby 2.3.7p456

BUNDLED WITH
   1.16.6
